GEM
  remote: https://rubygems.org/
  specs:
    json (1.8.3)
    mustermann (1.0.2)
    rack (2.2.3)
    rack-protection (2.0.1)
      rack
    sinatra (2.0.1)
      mustermann (~> 1.0)
      rack (~> 2.0)
      rack-protection (= 2.0.1)
      tilt (~> 2.0)
    tilt (2.0.8)

PLATFORMS
  ruby

DEPENDENCIES
  json
  sinatra

BUNDLED WITH
   1.11.2
